GEM
  remote: https://rubygems.org/
  specs:
    coderay (1.1.2)
    httpclient (2.8.3)
    method_source (0.9.0)
    mustermann (1.0.3)
    pry (0.11.3)
      coderay (~> 1.1.0)
      method_source (~> 0.9.0)
    pry-remote (0.1.8)
      pry (~> 0.9)
      slop (~> 3.0)
    rack (2.0.5)
    rack-protection (2.0.3)
      rack
    sinatra (2.0.3)
      mustermann (~> 1.0)
      rack (~> 2.0)
      rack-protection (= 2.0.3)
      tilt (~> 2.0)
    slop (3.6.0)
    tilt (2.0.8)

PLATFORMS
  ruby

DEPENDENCIES
  httpclient (~> 2.8)
  pry
  pry-remote
  sinatra

RUBY VERSION
   ruby 2.5.1p57

BUNDLED WITH
   1.16.4
